GEM
  remote: https://rubygems.org/
  specs:
    aws-sdk (2.3.3)
      aws-sdk-resources (= 2.3.3)
    aws-sdk-core (2.3.3)
      jmespath (~> 1.0)
    aws-sdk-resources (2.3.3)
      aws-sdk-core (= 2.3.3)
    jmespath (1.2.4)
      json_pure (>= 1.8.1)
    json_pure (1.8.3)
    rake (11.1.2)

PLATFORMS
  ruby

DEPENDENCIES
  aws-sdk
  rake

BUNDLED WITH
   1.12.3
